GEM
  remote: https://rubygems.org/
  specs:
    dotenv (2.6.0)
    excon (0.45.4)
    faraday (0.15.4)
      multipart-post (>= 1.2, < 3)
    faraday_middleware (0.13.0)
      faraday (>= 0.7.4, < 1.0)
    multipart-post (2.0.0)
    pco_api (1.2.2)
      excon (~> 0.45.3)
      faraday (~> 0.10)
      faraday_middleware (~> 0.10)

PLATFORMS
  ruby

DEPENDENCIES
  dotenv (~> 2.6)
  pco_api (~> 1.2)

BUNDLED WITH
   1.17.2
